GIT
  remote: https://github.com/pophealth/hqmf2js.git
  revision: 36f39e19b2d77555a81cd8baa8a93a4ded32eff8
  branch: master
  specs:
    hqmf2js (1.3.0)

GIT
  remote: https://github.com/pophealth/quality-measure-engine.git
  revision: 3a1df9a6240e94425d7c867a7b3d674cab39a0f1
  branch: master
  specs:
    quality-measure-engine (3.0.2)
      delayed_job_mongoid (~> 2.1.0)
      mongoid (~> 4.0.0.beta1)
      moped (~> 2.0.0.beta6)
      rubyzip (~> 0.9.9)

GIT
  remote: https://github.com/projectcypress/health-data-standards.git
  revision: e62cb38e0086f31e24eb76f77c7066d7ab4941f1
  branch: master
  specs:
    health-data-standards (3.4.6)
      activesupport (~> 4.0.0)
      builder (~> 3.1)
      erubis (~> 2.7.0)
      log4r (~> 1.1.10)
      memoist (~> 0.9.1)
      mongoid (~> 4.0.0.beta2)
      mongoid-tree (~> 1.0.4)
      nokogiri (= 1.6.0)
      protected_attributes (~> 1.0.5)
      rest-client (~> 1.6.7)
      rubyzip (= 0.9.9)
      uuid (~> 2.3.7)

GIT
  remote: https://github.com/projecttacoma/simplexml_parser.git
  revision: 23a2f272872e3690aad33c18ef36dbc1941d77d5
  branch: master
  specs:
    simplexml_parser (1.0.0)

PATH
  remote: .
  specs:
    bonnie_bundler (1.0.0)

GEM
  remote: http://rubygems.org/
  specs:
    actionmailer (4.0.5)
      actionpack (= 4.0.5)
      mail (~> 2.5.4)
    actionpack (4.0.5)
      activesupport (= 4.0.5)
      builder (~> 3.1.0)
      erubis (~> 2.7.0)
      rack (~> 1.5.2)
      rack-test (~> 0.6.2)
    activemodel (4.0.5)
      activesupport (= 4.0.5)
      builder (~> 3.1.0)
    activerecord (4.0.5)
      activemodel (= 4.0.5)
      activerecord-deprecated_finders (~> 1.0.2)
      activesupport (= 4.0.5)
      arel (~> 4.0.0)
    activerecord-deprecated_finders (1.0.3)
    activesupport (4.0.5)
      i18n (~> 0.6, >= 0.6.9)
      minitest (~> 4.2)
      multi_json (~> 1.3)
      thread_safe (~> 0.1)
      tzinfo (~> 0.3.37)
    ansi (1.4.3)
    arel (4.0.2)
    awesome_print (1.2.0)
    bson (2.3.0)
    builder (3.1.4)
    coderay (1.1.0)
    coffee-script (2.2.0)
      coffee-script-source
      execjs
    coffee-script-source (1.7.0)
    connection_pool (2.0.0)
    delayed_job (4.0.1)
      activesupport (>= 3.0, < 4.2)
    delayed_job_mongoid (2.1.0)
      delayed_job (>= 3.0, < 5)
      mongoid (>= 3.0, < 5)
    diffy (3.0.7)
    docile (1.1.3)
    erubis (2.7.0)
    execjs (2.1.0)
    hike (1.2.3)
    hquery-patient-api (1.0.4)
    i18n (0.6.9)
    libv8 (3.16.14.3)
    log4r (1.1.10)
    macaddr (1.7.1)
      systemu (~> 2.6.2)
    mail (2.5.4)
      mime-types (~> 1.16)
      treetop (~> 1.4.8)
    memoist (0.9.3)
    method_source (0.8.2)
    mime-types (1.25.1)
    mini_portile (0.5.3)
    minitest (4.7.5)
    mongoid (4.0.0.rc1)
      activemodel (~> 4.0.0)
      moped (~> 2.0.0.rc1)
      origin (~> 2.1)
      tzinfo (>= 0.3.37)
    mongoid-tree (1.0.4)
      mongoid (>= 3.0, <= 4.0)
    moped (2.0.0.rc1)
      bson (~> 2.2)
      connection_pool (~> 2.0)
      optionable (~> 0.2.0)
    multi_json (1.10.1)
    nokogiri (1.6.0)
      mini_portile (~> 0.5.0)
    optionable (0.2.0)
    origin (2.1.1)
    polyglot (0.3.5)
    protected_attributes (1.0.7)
      activemodel (>= 4.0.1, < 5.0)
    pry (0.9.12.6)
      coderay (~> 1.0)
      method_source (~> 0.8)
      slop (~> 3.4)
    pry-nav (0.2.3)
      pry (~> 0.9.10)
    rack (1.5.2)
    rack-test (0.6.2)
      rack (>= 1.0)
    rails (4.0.5)
      actionmailer (= 4.0.5)
      actionpack (= 4.0.5)
      activerecord (= 4.0.5)
      activesupport (= 4.0.5)
      bundler (>= 1.3.0, < 2.0)
      railties (= 4.0.5)
      sprockets-rails (~> 2.0.0)
    railties (4.0.5)
      actionpack (= 4.0.5)
      activesupport (= 4.0.5)
      rake (>= 0.8.7)
      thor (>= 0.18.1, < 2.0)
    rake (10.3.2)
    ref (1.0.5)
    rest-client (1.6.7)
      mime-types (>= 1.16)
    roo (1.13.2)
      nokogiri
      rubyzip
      spreadsheet (> 0.6.4)
    ruby-ole (1.2.11.7)
    rubyzip (0.9.9)
    simplecov (0.8.2)
      docile (~> 1.1.0)
      multi_json
      simplecov-html (~> 0.8.0)
    simplecov-html (0.8.0)
    slop (3.5.0)
    spreadsheet (0.9.7)
      ruby-ole (>= 1.0)
    sprockets (2.12.1)
      hike (~> 1.2)
      multi_json (~> 1.0)
      rack (~> 1.0)
      tilt (~> 1.1, != 1.3.0)
    sprockets-rails (2.0.1)
      actionpack (>= 3.0)
      activesupport (>= 3.0)
      sprockets (~> 2.8)
    systemu (2.6.4)
    therubyracer (0.12.1)
      libv8 (~> 3.16.14.0)
      ref
    thor (0.19.1)
    thread_safe (0.3.4)
    tilt (1.4.1)
    treetop (1.4.15)
      polyglot
      polyglot (>= 0.3.1)
    turn (0.9.7)
      ansi
      minitest (~> 4)
    tzinfo (0.3.39)
    uuid (2.3.7)
      macaddr (~> 1.0)

PLATFORMS
  ruby

DEPENDENCIES
  awesome_print
  bonnie_bundler!
  coffee-script
  diffy
  health-data-standards!
  hqmf2js!
  hquery-patient-api (= 1.0.4)
  minitest (~> 4.0)
  mongoid
  pry
  pry-nav
  quality-measure-engine!
  rails (>= 4.0.0)
  rake
  roo
  rubyzip (< 1.0.0)
  simplecov
  simplexml_parser!
  sprockets
  therubyracer
  tilt
  turn
